GIT
  remote: https://github.com/inokappa/rspec-ftp.git
  revision: 279d9e2b25112ffcc6df8621172d6480cbd893f2
  branch: add-some-matcher
  specs:
    rspec-ftp (0.0.3)
      rspec (>= 2.9)
      rspec-mocks
      rspec_overview

GEM
  remote: https://rubygems.org/
  specs:
    diff-lcs (1.3)
    net-scp (1.2.1)
      net-ssh (>= 2.6.5)
    net-ssh (5.0.2)
    net-telnet (0.1.1)
    rake (12.3.1)
    rspec (3.8.0)
      rspec-core (~> 3.8.0)
      rspec-expectations (~> 3.8.0)
      rspec-mocks (~> 3.8.0)
    rspec-core (3.8.0)
      rspec-support (~> 3.8.0)
    rspec-expectations (3.8.1)
      diff-lcs (>= 1.2.0, < 2.0)
      rspec-support (~> 3.8.0)
    rspec-mocks (3.8.0)
      diff-lcs (>= 1.2.0, < 2.0)
      rspec-support (~> 3.8.0)
    rspec-support (3.8.0)
    rspec_overview (0.3.0)
      rspec-core (~> 3.0)
    sfl (2.3)
    specinfra (2.76.2)
      net-scp
      net-ssh (>= 2.7)
      net-telnet (= 0.1.1)
      sfl

PLATFORMS
  ruby

DEPENDENCIES
  rake
  rspec
  rspec-ftp!
  specinfra

BUNDLED WITH
   1.16.4
